GIT
  remote: https://github.com/chikyuinc/chikyu-sdk-ruby.git
  revision: 633d37597dc98888ca88a24f44fb1ccd6bf97544
  branch: master
  specs:
    chikyu-sdk (0.1.0)
      aws-sdk (~> 2)
      faraday (~> 0.13.1)
      faraday_middleware (~> 0.12.2)
      faraday_middleware-aws-signers-v4 (~> 0.1.9)

GEM
  remote: https://rubygems.org/
  specs:
    aws-sdk (2.11.165)
      aws-sdk-resources (= 2.11.165)
    aws-sdk-core (2.11.165)
      aws-sigv4 (~> 1.0)
      jmespath (~> 1.0)
    aws-sdk-resources (2.11.165)
      aws-sdk-core (= 2.11.165)
    aws-sigv4 (1.0.3)
    faraday (0.13.1)
      multipart-post (>= 1.2, < 3)
    faraday_middleware (0.12.2)
      faraday (>= 0.7.4, < 1.0)
    faraday_middleware-aws-signers-v4 (0.1.9)
      aws-sdk-resources (>= 2, < 3)
      faraday (~> 0.9)
    jmespath (1.4.0)
    multipart-post (2.0.0)

PLATFORMS
  ruby

DEPENDENCIES
  chikyu-sdk!

BUNDLED WITH
   1.17.1
